PATH
  remote: .
  specs:
    sinatra-cometio (0.1.6)
      event_emitter (>= 0.2.0)
      eventmachine (>= 1.0.0)
      httparty
      json (>= 1.7.0)
      rack
      sinatra (>= 1.3.3)
      sinatra-contrib (>= 1.3.2)

GEM
  remote: http://rubygems.org/
  specs:
    backports (3.1.0)
    daemons (1.1.9)
    event_emitter (0.2.3)
    eventmachine (1.0.1)
    faraday (0.8.6)
      multipart-post (~> 1.1)
    faraday_middleware (0.9.0)
      faraday (>= 0.7.4, < 0.9)
    hashie (1.2.0)
    httparty (0.10.2)
      multi_json (~> 1.0)
      multi_xml (>= 0.5.2)
    json (1.7.7)
    minitest (4.6.2)
    multi_json (1.6.1)
    multi_xml (0.5.3)
    multipart-post (1.2.0)
    qiita (0.0.3)
      faraday (~> 0.8)
      faraday_middleware (~> 0.8)
      hashie (~> 1.2)
      json (~> 1.7)
    rack (1.5.2)
    rack-protection (1.4.0)
      rack
    rack-test (0.6.2)
      rack (>= 1.0)
    redcarpet (2.2.2)
    sinatra (1.3.5)
      rack (~> 1.4)
      rack-protection (~> 1.3)
      tilt (~> 1.3, >= 1.3.3)
    sinatra-contrib (1.3.2)
      backports (>= 2.0)
      eventmachine
      rack-protection
      rack-test
      sinatra (~> 1.3.0)
      tilt (~> 1.3)
    thin (1.5.0)
      daemons (>= 1.0.9)
      eventmachine (>= 0.12.6)
      rack (>= 1.0.0)
    tilt (1.3.4)

PLATFORMS
  ruby

DEPENDENCIES
  faraday
  minitest
  qiita
  redcarpet
  sinatra
  sinatra-cometio!
  thin
